GEM
  remote: https://rubygems.org/
  specs:
    httparty (0.14.0)
      multi_xml (>= 0.5.2)
    json (2.0.3)
    multi_xml (0.6.0)
    parallel (1.10.0)
    rack (1.6.5)
    rack-protection (1.5.3)
      rack
    sinatra (1.4.8)
      rack (~> 1.5)
      rack-protection (~> 1.4)
      tilt (>= 1.3, < 3)
    tilt (2.0.6)

PLATFORMS
  ruby

DEPENDENCIES
  httparty (~> 0.14)
  json (~> 2.0)
  parallel (~> 1.10)
  sinatra (~> 1.4)

BUNDLED WITH
   1.14.5
